GIT
  remote: git://github.com/pferdefleisch/guard-uglify.git
  revision: 34238afa4a3f44ddf13462bb29ee512714663cec
  specs:
    guard-uglify (0.2.0)
      guard (>= 0.2.2)
      uglifier

GIT
  remote: git://github.com/rtomayko/rocco.git
  revision: 727c510d635ba3b6fcf18caf3b0f89e16ef7e8f3
  specs:
    rocco (0.8.2)
      mustache
      redcarpet (~> 1.17)

GEM
  remote: https://rubygems.org/
  specs:
    coffee-script (2.2.0)
      coffee-script-source
      execjs
    coffee-script-source (1.2.0)
    execjs (1.3.0)
      multi_json (~> 1.0)
    ffi (1.0.11)
    guard (1.0.1)
      ffi (>= 0.5.0)
      thor (~> 0.14.6)
    guard-coffeescript (0.5.7)
      coffee-script (>= 2.2.0)
      guard (>= 0.8.3)
    guard-process (1.0.3)
      ffi (~> 1.0.9)
      guard (>= 0.4.2)
      spoon (~> 0.0.1)
    multi_json (1.2.0)
    mustache (0.99.4)
    pygmentize (0.0.3)
    redcarpet (1.17.2)
    spoon (0.0.1)
    thor (0.14.6)
    uglifier (1.2.4)
      execjs (>= 0.3.0)
      multi_json (>= 1.0.2)

PLATFORMS
  ruby

DEPENDENCIES
  guard
  guard-coffeescript
  guard-process
  guard-uglify!
  pygmentize
  rocco!
